PATH
  remote: ..
  specs:
    sftp_wrapper (0.1.0)

GEM
  remote: https://rubygems.org/
  specs:
    net-sftp (2.1.2)
      net-ssh (>= 2.6.5)
    net-ssh (5.2.0)

PLATFORMS
  ruby

DEPENDENCIES
  net-sftp
  sftp_wrapper!

BUNDLED WITH
   1.17.2
